{
  "PowerLineFrequency": 50,
  "SoftwareFilters": {
    "FilterDescription": {
      "Description": "n/a"
    }
  },
  "Manufacturer": "g.tec",
  "EEGPlacementScheme": "10-20",
  "EEGGround": "n/a",
  "EEGReference": "AFz",
  "CapManufacturersModelName": "64 channels",
  "CapManufacturer": "g.tec",
  "TaskName": "rdk",
  "EEGChannelCount": 68,
  "RecordingType": "continuous",
  "RecordingDuration": 2142.24,
  "SamplingFrequency": 1200,
  "EOGChannelCount": 0,
  "ECGChannelCount": 0,
  "EMGChannelCount": 0
}